GIT
  remote: https://github.com/heroku/committee.git
  revision: eac7c0e4be5f9da175553d3a998e58d784065395
  specs:
    committee (0.4.2)
      multi_json (> 0.0)
      rack (> 0.0)

GIT
  remote: https://github.com/heroku/prmd.git
  revision: c1af326b3834e7815f48596e4ca519555ad56a41
  specs:
    prmd (0.0.1)
      erubis

GEM
  remote: https://rubygems.org/
  specs:
    erubis (2.7.0)
    multi_json (1.9.0)
    rack (1.5.2)

PLATFORMS
  ruby

DEPENDENCIES
  committee!
  prmd!
