GIT
  remote: https://github.com/interagent/committee.git
  revision: 222e4b85aac6f0942d5f897861a2debb376304ae
  specs:
    committee (1.2.0)
      json_schema (~> 0.1)
      multi_json (> 0.0)
      rack (> 0.0)

GIT
  remote: https://github.com/interagent/heroics.git
  revision: 98d4de2349604f5d9b698f46d1267c715e474421
  specs:
    heroics (0.0.10)
      erubis (~> 2.7.0)
      excon
      moneta
      multi_json (>= 1.9.2)
      netrc

GIT
  remote: https://github.com/interagent/prmd.git
  revision: f29cfea6b7d88f38bbbff8e0cc5996e36e918d39
  specs:
    prmd (0.3.2)
      erubis (~> 2.7)
      json_schema (~> 0.1)

GEM
  remote: https://rubygems.org/
  specs:
    erubis (2.7.0)
    excon (0.37.0)
    json_schema (0.1.4)
    moneta (0.7.20)
    multi_json (1.10.1)
    netrc (0.7.7)
    rack (1.5.2)

PLATFORMS
  ruby

DEPENDENCIES
  committee!
  heroics!
  prmd!
