GIT
  remote: https://github.com/heroku/committee.git
  revision: eac7c0e4be5f9da175553d3a998e58d784065395
  specs:
    committee (0.4.2)
      multi_json (> 0.0)
      rack (> 0.0)

GIT
  remote: https://github.com/heroku/heroics.git
  revision: 0112986223b25275d053c0adc98ad53d0eca2299
  specs:
    heroics (0.0.3)
      excon
      moneta
      multi_json
      netrc

GIT
  remote: https://github.com/heroku/prmd.git
  revision: c1af326b3834e7815f48596e4ca519555ad56a41
  specs:
    prmd (0.0.1)
      erubis

GEM
  remote: https://rubygems.org/
  specs:
    erubis (2.7.0)
    excon (0.32.0)
    moneta (0.7.20)
    multi_json (1.9.0)
    netrc (0.7.7)
    rack (1.5.2)

PLATFORMS
  ruby

DEPENDENCIES
  committee!
  heroics!
  prmd!
